GEM
  remote: https://rubygems.org/
  specs:
    cinch (2.3.1)
    cinch-identify (1.7.0)
      cinch (~> 2.0)
    kgio (2.10.0)
    rack (1.6.4)
    rack-protection (1.5.3)
      rack
    raindrops (0.15.0)
    sinatra (1.4.6)
      rack (~> 1.4)
      rack-protection (~> 1.4)
      tilt (>= 1.3, < 3)
    tilt (2.0.1)
    unicorn (5.0.0)
      kgio (~> 2.6)
      rack
      raindrops (~> 0.7)

PLATFORMS
  ruby

DEPENDENCIES
  cinch (= 2.3.1)
  cinch-identify (= 1.7.0)
  sinatra (= 1.4.6)
  unicorn (= 5.0.0)
